GEM
  remote: https://rubygems.org/
  specs:
    diff-lcs (1.5.1)
    json (2.7.2)
    rspec (3.13.0)
      rspec-core (~> 3.13.0)
      rspec-expectations (~> 3.13.0)
      rspec-mocks (~> 3.13.0)
    rspec-core (3.13.0)
      rspec-support (~> 3.13.0)
    rspec-expectations (3.13.2)
      diff-lcs (>= 1.2.0, < 2.0)
      rspec-support (~> 3.13.0)
    rspec-mocks (3.13.1)
      diff-lcs (>= 1.2.0, < 2.0)
      rspec-support (~> 3.13.0)
    rspec-support (3.13.1)
    rutie (0.0.4)
    tk (0.5.0)

PLATFORMS
  arm64-darwin-23

DEPENDENCIES
  json
  rspec
  rutie
  tk

RUBY VERSION
   ruby 3.3.0p0

BUNDLED WITH
   2.4.10
